GIT
  remote: git://github.com/herval/omnisocial.git
  revision: f9d3c06c2abbca5cbf2bd482e2d4248e9c717ad2
  specs:
    omnisocial (0.1.4)
      bcrypt-ruby (~> 2.1)
      oa-core (~> 0.1.2)
      oa-oauth (~> 0.1.2)

GEM
  remote: http://rubygems.org/
  specs:
    abstract (1.0.0)
    actionmailer (3.0.3)
      actionpack (= 3.0.3)
      mail (~> 2.2.9)
    actionpack (3.0.3)
      activemodel (= 3.0.3)
      activesupport (= 3.0.3)
      builder (~> 2.1.2)
      erubis (~> 2.6.6)
      i18n (~> 0.4)
      rack (~> 1.2.1)
      rack-mount (~> 0.6.13)
      rack-test (~> 0.5.6)
      tzinfo (~> 0.3.23)
    activemodel (3.0.3)
      activesupport (= 3.0.3)
      builder (~> 2.1.2)
      i18n (~> 0.4)
    activerecord (3.0.3)
      activemodel (= 3.0.3)
      activesupport (= 3.0.3)
      arel (~> 2.0.2)
      tzinfo (~> 0.3.23)
    activeresource (3.0.3)
      activemodel (= 3.0.3)
      activesupport (= 3.0.3)
    activesupport (3.0.3)
    acts_as_commentable (3.0.1)
    addressable (2.2.4)
    arel (2.0.9)
    bcrypt-ruby (2.1.4)
    builder (2.1.2)
    capistrano (2.5.19)
      highline
      net-scp (>= 1.0.0)
      net-sftp (>= 2.0.0)
      net-ssh (>= 2.0.14)
      net-ssh-gateway (>= 1.0.0)
    compass (0.10.6)
      haml (>= 3.0.4)
    compass-colors (0.3.1)
      compass (>= 0.8.7)
    dynamic_form (1.1.3)
    erubis (2.6.6)
      abstract (>= 1.0.0)
    fancy-buttons (1.0.6)
      compass (= 0.10.6)
    faraday (0.5.7)
      addressable (~> 2.2.4)
      multipart-post (~> 1.1.0)
      rack (>= 1.1.0, < 2)
    haml (3.0.25)
    has_scope (0.5.0)
    highline (1.6.1)
    i18n (0.5.0)
    inherited_resources (1.2.1)
      has_scope (~> 0.5.0)
      responders (~> 0.6.0)
    jquery-rails (0.2.6)
      rails (~> 3.0)
      thor (~> 0.14.4)
    mail (2.2.15)
      activesupport (>= 2.3.6)
      i18n (>= 0.4.0)
      mime-types (~> 1.16)
      treetop (~> 1.4.8)
    mime-types (1.16)
    multi_json (0.0.5)
    multipart-post (1.1.0)
    mysql2 (0.2.6)
    net-scp (1.0.4)
      net-ssh (>= 1.99.1)
    net-sftp (2.0.5)
      net-ssh (>= 2.0.9)
    net-ssh (2.0.24)
    net-ssh-gateway (1.0.1)
      net-ssh (>= 1.99.1)
    nokogiri (1.4.4)
    oa-core (0.1.6)
      rack (~> 1.1)
    oa-oauth (0.1.6)
      multi_json (~> 0.0.2)
      nokogiri (~> 1.4.2)
      oa-core (= 0.1.6)
      oauth (~> 0.4.0)
      oauth2 (~> 0.1.0)
    oauth (0.4.4)
    oauth2 (0.1.1)
      faraday (~> 0.5.0)
      multi_json (~> 0.0.4)
    polyglot (0.3.1)
    rack (1.2.1)
    rack-mount (0.6.13)
      rack (>= 1.0.0)
    rack-test (0.5.7)
      rack (>= 1.0)
    rails (3.0.3)
      actionmailer (= 3.0.3)
      actionpack (= 3.0.3)
      activerecord (= 3.0.3)
      activeresource (= 3.0.3)
      activesupport (= 3.0.3)
      bundler (~> 1.0)
      railties (= 3.0.3)
    railties (3.0.3)
      actionpack (= 3.0.3)
      activesupport (= 3.0.3)
      rake (>= 0.8.7)
      thor (~> 0.14.4)
    rake (0.8.7)
    rdiscount (1.6.5)
    responders (0.6.2)
    sanitize (1.2.1)
      nokogiri (~> 1.4.1)
    sass (3.1.0.alpha.221)
    sqlite3 (1.3.3)
    sqlite3-ruby (1.3.3)
      sqlite3 (>= 1.3.3)
    thor (0.14.6)
    treetop (1.4.9)
      polyglot (>= 0.3.1)
    tzinfo (0.3.24)
    will_paginate (2.3.15)

PLATFORMS
  ruby

DEPENDENCIES
  acts_as_commentable
  capistrano
  compass
  compass-colors
  dynamic_form
  fancy-buttons
  haml
  inherited_resources
  jquery-rails (>= 0.2.6)
  mysql2
  omnisocial!
  rails (= 3.0.3)
  rdiscount
  sanitize
  sass
  sqlite3-ruby
  will_paginate
